GEM
  remote: https://rubygems.org/
  specs:
    blankslate (2.1.2.4)
    json (1.8.1)
    net-http-server (0.2.2)
      parslet (~> 1.0)
    net-sftp (2.1.2)
      net-ssh (>= 2.6.5)
    net-ssh (2.7.0)
    parslet (1.5.0)
      blankslate (~> 2.0)
    ruby-vnc (1.1.0)
    thor (0.18.1)

PLATFORMS
  ruby

DEPENDENCIES
  bundler
  json
  net-http-server
  net-sftp
  net-ssh
  ruby-vnc
  thor
