GEM
  remote: https://rubygems.org/
  specs:
    atomic (1.1.14)
    json (1.8.1)
    rufus-scheduler (3.0.3)
      tzinfo
    thread_safe (0.1.3)
      atomic
    tzinfo (1.1.0)
      thread_safe (~> 0.1)

PLATFORMS
  ruby

DEPENDENCIES
  json
  rufus-scheduler
