GEM
  remote: https://rubygems.org/
  specs:
    concurrent-ruby (1.1.10)
    json (1.8.1)
    rufus-scheduler (3.0.3)
      tzinfo
    tzinfo (2.0.5)
      concurrent-ruby (~> 1.0)

PLATFORMS
  ruby

DEPENDENCIES
  json
  rufus-scheduler
